GEM
  remote: https://rubygems.org/
  specs:
    daemons (1.4.1)
    digest (3.1.0)
    eventmachine (1.2.7)
    io-wait (0.2.1)
    mail (2.7.1)
      mini_mime (>= 0.1.1)
    mini_mime (1.1.2)
    minitest (5.15.0)
    mustermann (2.0.2)
      ruby2_keywords (~> 0.0.1)
    net-protocol (0.1.2)
      io-wait
      timeout
    net-smtp (0.3.1)
      digest
      net-protocol
      timeout
    pg (1.2.3)
    pony (1.13.1)
      mail (>= 2.0)
    rack (2.2.3)
    rack-protection (2.2.3)
      rack
    rack-ssl (1.4.1)
      rack
    rack-test (1.1.0)
      rack (>= 1.0, < 3)
    rake (13.0.6)
    ruby2_keywords (0.0.5)
    sequel (5.52.0)
    sinatra (2.2.3)
      mustermann (~> 2.0)
      rack (~> 2.2)
      rack-protection (= 2.2.3)
      tilt (~> 2.0)
    sqlite3 (1.4.2)
    thin (1.8.1)
      daemons (~> 1.0, >= 1.0.9)
      eventmachine (~> 1.0, >= 1.0.4)
      rack (>= 1, < 3)
    tilt (2.0.11)
    timeout (0.2.0)

PLATFORMS
  ruby

DEPENDENCIES
  minitest
  net-smtp
  pg
  pony
  rack (>= 2.0.8)
  rack-ssl
  rack-test
  rake
  sequel
  sinatra
  sqlite3
  thin

RUBY VERSION
   ruby 3.1.0p0

BUNDLED WITH
   2.3.3
